GEM
  remote: http://rubygems.org/
  specs:
    addressable (2.4.0)
    ansi (1.5.0)
    backports (3.6.8)
    capistrano (2.15.7)
      highline
      net-scp (>= 1.0.0)
      net-sftp (>= 2.0.0)
      net-ssh (>= 2.0.14)
      net-ssh-gateway (>= 1.1.0)
    cookiejar (0.3.0)
    crack (0.4.3)
      safe_yaml (~> 1.0.0)
    dalli (2.7.6)
    docile (1.1.5)
    em-http-request (1.1.3)
      addressable (>= 2.3.4)
      cookiejar (<= 0.3.0)
      em-socksify (>= 0.3)
      eventmachine (>= 1.0.3)
      http_parser.rb (>= 0.6.0)
    em-resolv-replace (1.1.3)
    em-socksify (0.3.1)
      eventmachine (>= 1.0.0.beta.4)
    em-synchrony (1.0.4)
      eventmachine (>= 1.0.0.beta.1)
    eventmachine (1.0.9.1)
    hashdiff (0.3.0)
    highline (1.7.8)
    http_parser.rb (0.6.0)
    i18n (0.7.0)
    json (1.8.3)
    m (1.4.2)
      method_source (>= 0.6.7)
      rake (>= 0.9.2.2)
    marc (1.0.0)
      scrub_rb (>= 1.0.1, < 2)
      unf
    method_source (0.8.2)
    mini_portile2 (2.0.0)
    minitest (4.7.5)
    multi_json (1.11.2)
    net-scp (1.2.1)
      net-ssh (>= 2.6.5)
    net-sftp (2.1.2)
      net-ssh (>= 2.6.5)
    net-ssh (3.0.2)
    net-ssh-gateway (1.2.0)
      net-ssh (>= 2.6.5)
    nokogiri (1.6.7.2)
      mini_portile2 (~> 2.0.0.rc2)
    openurl (1.0.0)
      marc
      scrub_rb (~> 1.0)
    rack (1.6.4)
    rack-fiber_pool (0.9.3)
    rack-protection (1.5.3)
      rack
    rack-test (0.6.3)
      rack (>= 1.0)
    rake (10.5.0)
    require_all (1.3.3)
    safe_yaml (1.0.4)
    scrub_rb (1.0.1)
    simplecov (0.11.2)
      docile (~> 1.1.0)
      json (~> 1.8)
      simplecov-html (~> 0.10.0)
    simplecov-html (0.10.0)
    simplecov-rcov (0.2.3)
      simplecov (>= 0.4.1)
    sinatra (1.4.7)
      rack (~> 1.5)
      rack-protection (~> 1.4)
      tilt (>= 1.3, < 3)
    sinatra-contrib (1.4.6)
      backports (>= 2.0)
      multi_json
      rack-protection
      rack-test
      sinatra (~> 1.4.0)
      tilt (>= 1.3, < 3)
    sinatra-synchrony (0.4.1)
      em-http-request (~> 1.0)
      em-resolv-replace (~> 1.1)
      em-synchrony (~> 1.0.1)
      eventmachine (~> 1.0.0)
      rack-fiber_pool (~> 0.9)
      sinatra (~> 1.0)
    tilt (2.0.2)
    turn (0.9.7)
      ansi
      minitest (~> 4)
    unf (0.1.4)
      unf_ext
    unf_ext (0.0.7.2)
    webmock (1.24.0)
      addressable (>= 2.3.6)
      crack (>= 0.3.2)
      hashdiff

PLATFORMS
  ruby

DEPENDENCIES
  capistrano (~> 2.14)
  dalli
  em-http-request
  i18n
  m
  minitest
  nokogiri
  openurl
  rack-test
  require_all
  simplecov
  simplecov-html
  simplecov-rcov
  sinatra
  sinatra-contrib
  sinatra-synchrony
  turn
  webmock
