GEM
  remote: http://rubygems.org/
  specs:
    addressable (2.3.5)
    ansi (1.4.3)
    backports (3.3.5)
    capistrano (2.14.2)
      highline
      net-scp (>= 1.0.0)
      net-sftp (>= 2.0.0)
      net-ssh (>= 2.0.14)
      net-ssh-gateway (>= 1.1.0)
    cookiejar (0.3.0)
    crack (0.3.2)
    dalli (2.6.4)
    em-http-request (1.1.1)
      addressable (>= 2.3.4)
      cookiejar
      em-socksify (>= 0.3)
      eventmachine (>= 1.0.3)
      http_parser.rb (>= 0.6.0.beta.2)
    em-resolv-replace (1.1.3)
    em-socksify (0.3.0)
      eventmachine (>= 1.0.0.beta.4)
    em-synchrony (1.0.3)
      eventmachine (>= 1.0.0.beta.1)
    ensure_valid_encoding (0.5.3)
    eventmachine (1.0.3)
    highline (1.6.16)
    http_parser.rb (0.6.0)
    i18n (0.6.9)
    m (1.3.2)
      method_source (>= 0.6.7)
      rake (>= 0.9.2.2)
    marc (0.5.0)
    method_source (0.8.2)
    mini_portile (0.5.2)
    minitest (4.7.1)
    multi_json (1.9.3)
    net-scp (1.1.0)
      net-ssh (>= 2.6.5)
    net-sftp (2.1.1)
      net-ssh (>= 2.6.5)
    net-ssh (2.6.6)
    net-ssh-gateway (1.2.0)
      net-ssh (>= 2.6.5)
    nokogiri (1.6.0)
      mini_portile (~> 0.5.0)
    openurl (0.4.3)
      ensure_valid_encoding
      marc
    rack (1.5.2)
    rack-fiber_pool (0.9.3)
    rack-protection (1.5.1)
      rack
    rack-test (0.6.2)
      rack (>= 1.0)
    rake (10.3.1)
    require_all (1.3.2)
    simplecov (0.7.1)
      multi_json (~> 1.0)
      simplecov-html (~> 0.7.1)
    simplecov-html (0.7.1)
    simplecov-rcov (0.2.3)
      simplecov (>= 0.4.1)
    sinatra (1.4.4)
      rack (~> 1.4)
      rack-protection (~> 1.4)
      tilt (~> 1.3, >= 1.3.4)
    sinatra-contrib (1.4.2)
      backports (>= 2.0)
      multi_json
      rack-protection
      rack-test
      sinatra (~> 1.4.0)
      tilt (~> 1.3)
    sinatra-synchrony (0.4.1)
      em-http-request (~> 1.0)
      em-resolv-replace (~> 1.1)
      em-synchrony (~> 1.0.1)
      eventmachine (~> 1.0.0)
      rack-fiber_pool (~> 0.9)
      sinatra (~> 1.0)
    tilt (1.4.1)
    turn (0.9.7)
      ansi
      minitest (~> 4)
    webmock (1.11.0)
      addressable (>= 2.2.7)
      crack (>= 0.3.2)

PLATFORMS
  ruby

DEPENDENCIES
  capistrano
  dalli
  em-http-request
  i18n
  m
  minitest
  nokogiri
  openurl
  rack-test
  require_all
  simplecov
  simplecov-html
  simplecov-rcov
  sinatra
  sinatra-contrib
  sinatra-synchrony
  turn
  webmock
